PATH
  remote: .
  specs:
    ruby_leiningen (0.5.0)
      activesupport (~> 6.0, >= 6.0.2)
      lino (~> 1.1)

GEM
  remote: https://rubygems.org/
  specs:
    activesupport (6.0.2)
      concurrent-ruby (~> 1.0, >= 1.0.2)
      i18n (>= 0.7, < 2)
      minitest (~> 5.1)
      tzinfo (~> 1.1)
      zeitwerk (~> 2.2)
    concurrent-ruby (1.1.5)
    diff-lcs (1.3)
    gem-release (2.1.1)
    hamster (3.0.0)
      concurrent-ruby (~> 1.0)
    i18n (1.7.0)
      concurrent-ruby (~> 1.0)
    lino (1.1.0)
      hamster (~> 3.0)
      open4 (~> 1.3)
    minitest (5.13.0)
    open4 (1.3.4)
    rake (13.0.1)
    rspec (3.9.0)
      rspec-core (~> 3.9.0)
      rspec-expectations (~> 3.9.0)
      rspec-mocks (~> 3.9.0)
    rspec-core (3.9.0)
      rspec-support (~> 3.9.0)
    rspec-expectations (3.9.0)
      diff-lcs (>= 1.2.0, < 2.0)
      rspec-support (~> 3.9.0)
    rspec-mocks (3.9.0)
      diff-lcs (>= 1.2.0, < 2.0)
      rspec-support (~> 3.9.0)
    rspec-support (3.9.0)
    thread_safe (0.3.6)
    tzinfo (1.2.5)
      thread_safe (~> 0.1)
    zeitwerk (2.2.2)

PLATFORMS
  ruby

DEPENDENCIES
  bundler (~> 2.0)
  gem-release (~> 2.0)
  rake (~> 13.0)
  rspec (~> 3.8)
  ruby_leiningen!

BUNDLED WITH
   2.1.4
